GEM
  remote: https://rubygems.org/
  specs:
    dual_number (0.1.0)

PLATFORMS
  ruby

DEPENDENCIES
  dual_number

BUNDLED WITH
   1.12.5
